GEM
  remote: https://rubygems.org/
  specs:
    closure-compiler (1.1.7)
    github-markup (1.3.1)
      posix-spawn (~> 0.3.8)
    hpricot (0.8.6)
    posix-spawn (0.3.9)
    redcarpet (3.1.2)

PLATFORMS
  ruby

DEPENDENCIES
  closure-compiler (= 1.1.7)
  github-markup
  hpricot
  redcarpet
